GEM
  remote: http://rubygems.org/
  specs:
    atk (1.0.3)
      glib2 (>= 1.0.3)
    cairo (1.10.1)
    fakefs (0.4.0)
    gdk_pixbuf2 (1.0.3)
      glib2 (>= 1.0.3)
    glib2 (1.0.3)
      pkg-config
    gtk2 (1.0.3)
      atk (>= 1.0.3)
      gdk_pixbuf2 (>= 1.0.3)
      pango (>= 1.0.3)
    gtksourceview2 (1.0.3)
      gtk2 (>= 1.0.3)
    minitest (2.8.1)
    multi_json (1.0.3)
    pango (1.0.3)
      cairo (>= 1.10.0)
      glib2 (>= 1.0.3)
    pkg-config (1.1.2)
    simplecov (0.5.4)
      multi_json (~> 1.0.3)
      simplecov-html (~> 0.5.3)
    simplecov-html (0.5.3)

PLATFORMS
  ruby

DEPENDENCIES
  fakefs
  gtk2
  gtksourceview2
  minitest
  simplecov
