PATH
  remote: .
  specs:
    merrol (0.0.2)
      activesupport
      colored
      i18n

GEM
  remote: http://rubygems.org/
  specs:
    ZenTest (4.5.0)
    activesupport (3.0.4)
    atk (0.90.7)
      glib2 (>= 0.90.7)
    autotest (4.4.6)
      ZenTest (>= 4.4.1)
    cairo (1.10.0)
      pkg-config
    colored (1.2)
    diff-lcs (1.1.2)
    gdk_pixbuf2 (0.90.7)
      glib2 (>= 0.90.7)
    glib2 (0.90.7)
      pkg-config
    gtk2 (0.90.7)
      atk (>= 0.90.7)
      gdk_pixbuf2 (>= 0.90.7)
      pango (>= 0.90.7)
    gtksourceview2 (0.90.7)
      gtk2 (>= 0.90.7)
    i18n (0.5.0)
    pango (0.90.7)
      cairo (>= 1.10.0)
      glib2 (>= 0.90.7)
    pkg-config (1.0.8)
    rspec (2.5.0)
      rspec-core (~> 2.5.0)
      rspec-expectations (~> 2.5.0)
      rspec-mocks (~> 2.5.0)
    rspec-core (2.5.1)
    rspec-expectations (2.5.0)
      diff-lcs (~> 1.1.2)
    rspec-mocks (2.5.0)
    simplecov (0.4.0)
      simplecov-html (~> 0.4.0)
    simplecov-html (0.4.3)

PLATFORMS
  ruby

DEPENDENCIES
  autotest
  gtksourceview2
  merrol!
  rspec
  simplecov
